GEM
  remote: https://rubygems.org/
  specs:
    combine_pdf (1.0.23)
      matrix
      ruby-rc4 (>= 0.1.5)
    ffi (1.15.5)
    foreman (0.87.2)
    haml (6.1.1)
      temple (>= 0.8.2)
      thor
      tilt
    listen (3.8.0)
      rb-fsevent (~> 0.10, >= 0.10.3)
      rb-inotify (~> 0.9, >= 0.9.10)
    matrix (0.4.2)
    pdf-core (0.9.0)
    prawn (2.4.0)
      pdf-core (~> 0.9.0)
      ttfunk (~> 1.7)
    rack (3.0.8)
    rb-fsevent (0.11.2)
    rb-inotify (0.10.1)
      ffi (~> 1.0)
    rerun (0.14.0)
      listen (~> 3.0)
    roda (3.69.0)
      rack
    ruby-rc4 (0.1.5)
    temple (0.10.2)
    thor (1.2.2)
    tilt (2.2.0)
    ttfunk (1.7.0)

PLATFORMS
  ruby

DEPENDENCIES
  bundler
  combine_pdf
  foreman
  haml
  prawn
  rerun
  roda

RUBY VERSION
   ruby 3.2.2p53

BUNDLED WITH
   2.1.4
