GEM
  remote: https://rubygems.org/
  specs:
    cmdparse (3.0.7)
    diff-lcs (1.5.0)
    dotenv (2.8.1)
    ffi (1.15.5)
    foreman (0.87.2)
    geom2d (0.3.1)
    haml (6.1.1)
      temple (>= 0.8.2)
      thor
      tilt
    hexapdf (0.32.2)
      cmdparse (~> 3.0, >= 3.0.3)
      geom2d (~> 0.3)
      openssl (>= 2.2.1)
    listen (3.8.0)
      rb-fsevent (~> 0.10, >= 0.10.3)
      rb-inotify (~> 0.9, >= 0.9.10)
    openssl (3.1.0)
    pg (1.5.3)
    rack (3.0.8)
    rb-fsevent (0.11.2)
    rb-inotify (0.10.1)
      ffi (~> 1.0)
    rerun (0.14.0)
      listen (~> 3.0)
    roda (3.69.0)
      rack
    rspec (3.12.0)
      rspec-core (~> 3.12.0)
      rspec-expectations (~> 3.12.0)
      rspec-mocks (~> 3.12.0)
    rspec-core (3.12.2)
      rspec-support (~> 3.12.0)
    rspec-expectations (3.12.3)
      diff-lcs (>= 1.2.0, < 2.0)
      rspec-support (~> 3.12.0)
    rspec-mocks (3.12.5)
      diff-lcs (>= 1.2.0, < 2.0)
      rspec-support (~> 3.12.0)
    rspec-support (3.12.1)
    sequel (5.69.0)
    temple (0.10.2)
    thor (1.2.2)
    tilt (2.2.0)

PLATFORMS
  ruby

DEPENDENCIES
  bundler
  dotenv (~> 2.8)
  foreman
  haml
  hexapdf
  pg
  rerun
  roda
  rspec (~> 3.12)
  sequel

RUBY VERSION
   ruby 3.2.2p53

BUNDLED WITH
   2.1.4
