GEM
  remote: https://rubygems.org/
  specs:
    bigdecimal (1.4.4)
    builder (3.2.4)
    cells (4.1.7)
      declarative-builder (< 0.2.0)
      declarative-option (< 0.2.0)
      tilt (>= 1.4, < 3)
      uber (< 0.2.0)
    cells-slim (0.1.1)
      cells (>= 4.0.1, < 6.0.0)
      slim (>= 3.0)
    combine_pdf (1.0.23)
      matrix
      ruby-rc4 (>= 0.1.5)
    concurrent-ruby (1.2.2)
    core_ext (0.0.6)
      bigdecimal (~> 1.2)
      builder (~> 3.2)
      concurrent-ruby (~> 1.0)
      i18n (~> 0.7)
      json (~> 1.7, >= 1.7.7)
      method_source (~> 0.8)
      tzinfo (~> 1.1)
    declarative (0.0.20)
    declarative-builder (0.1.0)
      declarative-option (< 0.2.0)
    declarative-option (0.1.0)
    ffi (1.15.5)
    foreman (0.87.2)
    formular (0.2.3)
      declarative (~> 0.0.4)
      uber (>= 0.0.11, < 0.2.0)
    i18n (0.9.5)
      concurrent-ruby (~> 1.0)
    json (1.8.6)
    listen (3.8.0)
      rb-fsevent (~> 0.10, >= 0.10.3)
      rb-inotify (~> 0.9, >= 0.9.10)
    matrix (0.4.2)
    method_source (0.9.2)
    pdf-core (0.9.0)
    prawn (2.4.0)
      pdf-core (~> 0.9.0)
      ttfunk (~> 1.7)
    rack (3.0.8)
    rack_csrf (2.7.0)
      rack (>= 1.1.0)
    rb-fsevent (0.11.2)
    rb-inotify (0.10.1)
      ffi (~> 1.0)
    rerun (0.14.0)
      listen (~> 3.0)
    roda (3.69.0)
      rack
    ruby-rc4 (0.1.5)
    slim (5.1.1)
      temple (~> 0.10.0)
      tilt (>= 2.1.0)
    temple (0.10.2)
    thread_safe (0.3.6)
    tilt (2.2.0)
    trailblazer-cells (0.0.3)
      cells (>= 4.1.0.rc1, < 5.0.0)
    trailblazer-loader (0.1.2)
    ttfunk (1.7.0)
    tzinfo (1.2.11)
      thread_safe (~> 0.1)
    uber (0.1.0)

PLATFORMS
  ruby

DEPENDENCIES
  bundler
  cells-slim
  combine_pdf
  core_ext
  foreman
  formular
  prawn
  rack_csrf
  rerun
  roda
  trailblazer-cells
  trailblazer-loader

RUBY VERSION
   ruby 3.2.2p53

BUNDLED WITH
   2.1.4
